GIT
  remote: git://github.com/mjijackson/citrus.git
  revision: 7d03bcbeda0958a9bcdcbd7a3704ab156fdf515f
  ref: 7d03bcbeda0958a9bcdcbd7a3704ab156fdf515f
  specs:
    citrus (2.4.0)

GEM
  remote: http://rubygems.org/
  specs:
    RedCloth (4.2.7-java)
    activesupport (3.0.7)
    bouncy-castle-java (1.5.0146.1)
    builder (3.0.0)
    columnize (0.3.3)
    girl_friday (0.9.1)
    haml (3.1.1)
    hoptoad_notifier (2.4.9)
      activesupport
      builder
    i18n (0.5.0)
    jruby-openssl (0.7.4)
      bouncy-castle-java
    jruby-rack (1.0.9)
    json (1.5.1-java)
    mail (2.3.0)
      i18n (>= 0.4.0)
      mime-types (~> 1.16)
      treetop (~> 1.4.8)
    mime-types (1.16)
    newrelic_rpm (3.0.0)
    polyglot (0.3.1)
    postmark (0.9.6)
    rack (1.2.3)
    rake (0.8.7)
    redis (2.2.1)
    rest-client (1.6.1)
      mime-types (>= 1.16)
    ruby-debug (0.10.4)
      columnize (>= 0.1)
      ruby-debug-base (~> 0.10.4.0)
    ruby-debug-base (0.10.4-java)
    sinatra (1.2.6)
      rack (~> 1.1)
      tilt (>= 1.2.2, < 2.0)
    thread_storm (0.7.0)
    tilt (1.3)
    treetop (1.4.9)
      polyglot (>= 0.3.1)
    trinidad (1.2.0)
      jruby-rack (>= 1.0.9)
      trinidad_jars (>= 1.0.1)
    trinidad_jars (1.0.1)

PLATFORMS
  java

DEPENDENCIES
  RedCloth (~> 4.2.7)
  citrus!
  girl_friday (~> 0.9.1)
  haml (~> 3.1.1)
  hoptoad_notifier (~> 2.4.9)
  jruby-openssl (~> 0.7.4)
  json (~> 1.5.1)
  mail (~> 2.3.0)
  newrelic_rpm (~> 3.0.0)
  postmark (~> 0.9.6)
  rack (= 1.2.3)
  rake (~> 0.8.7)
  redis (~> 2.2.0)
  rest-client (~> 1.6.1)
  ruby-debug
  sinatra (~> 1.2.6)
  thread_storm (~> 0.7.0)
  trinidad (~> 1.2.0)
